GEM
  remote: http://rubygems.org/
  specs:
    actionmailer (2.0.2)
      actionpack (= 2.0.2)
    actionpack (2.0.2)
      activesupport (= 2.0.2)
    activerecord (2.0.2)
      activesupport (= 2.0.2)
    activeresource (2.0.2)
      activesupport (= 2.0.2)
    activesupport (2.0.2)
    hpricot (0.8.2)
    rails (2.0.2)
      actionmailer (= 2.0.2)
      actionpack (= 2.0.2)
      activerecord (= 2.0.2)
      activeresource (= 2.0.2)
      activesupport (= 2.0.2)
      rake (>= 0.7.2)
    rake (0.9.2)
    sqlite3 (1.3.3)

PLATFORMS
  ruby

DEPENDENCIES
  hpricot
  rails (= 2.0.2)
  sqlite3
